GIT
  remote: git@github.com:akavi/iseq.git
  revision: 2ee36f100fbbe41bf4e61c022b51be6df7fd4c0b
  specs:
    iseq (0.0.2)
      rake-compiler (~> 0)

GEM
  remote: https://rubygems.org/
  specs:
    rake (10.3.2)
    rake-compiler (0.9.3)
      rake

PLATFORMS
  ruby

DEPENDENCIES
  iseq!
